PATH
  remote: .
  specs:
    ipregion (0.1.0)
      faraday (~> 2.7, >= 2.7.4)
      ipaddress (~> 0.8.3)
      rake (~> 13.0)

GEM
  remote: https://rubygems.org/
  specs:
    faraday (2.7.4)
      faraday-net_http (>= 2.0, < 3.1)
      ruby2_keywords (>= 0.0.4)
    faraday-net_http (3.0.2)
    ipaddress (0.8.3)
    rake (13.0.6)
    ruby2_keywords (0.0.5)

PLATFORMS
  x86_64-linux

DEPENDENCIES
  ipregion!
  rake (~> 13.0)

BUNDLED WITH
   2.3.26
